PATH
  remote: .
  specs:
    logical-construct (0.0.5)
      json
      mattock (>= 0.4)
      multipart-parser (>= 0.1.1)
      nokogiri (>= 0.13.4)
      rake (~> 10.0)
      roadforest (~> 0.0.1)

GEM
  remote: http://rubygems.org/
  specs:
    addressable (2.2.8)
    chunky_png (1.2.8)
    compass (0.12.2)
      chunky_png (~> 1.2)
      fssm (>= 0.2.7)
      sass (~> 3.1)
    corundum (0.0.31)
      bundler
      compass (>= 0.12.1)
      mailfactory (~> 1.4.0)
      mattock (>= 0.4.0)
      nokogiri
      rake-rubygems (>= 0.2.0)
      rdoc
      rspec (>= 2.0)
      sass (>= 3.1)
      simplecov (>= 0.5.4)
      yard
    diff-lcs (1.2.4)
    excon (0.25.3)
    fssm (0.2.10)
    fuubar (1.0.0)
      rspec (~> 2.0)
      rspec-instafail (~> 0.2.0)
      ruby-progressbar (~> 0.0.10)
    i18n (0.6.5)
    json (1.8.0)
    json-ld (1.0.5)
      json (>= 1.7.5)
      rdf (>= 1.0.7)
    mailfactory (1.4.0)
      mime-types (>= 1.13.1)
    mattock (0.4.1)
      tilt (> 0)
      valise (>= 0.9.1)
    mime-types (1.24)
    mini_portile (0.5.1)
    multi_json (1.7.9)
    multipart-parser (0.1.1)
    nokogiri (1.6.0)
      mini_portile (~> 0.5.0)
    rake (10.1.0)
    rake-rubygems (0.2.0)
      rake (>= 0.8.7)
    rdf (1.0.7)
      addressable (>= 2.2)
    rdoc (4.0.1)
      json (~> 1.4)
    roadforest (0.0.1)
      addressable (~> 2.2.8)
      excon (~> 0.25)
      json-ld (~> 1.0.0)
      rdf (>= 1.0.4)
      tilt (>= 1.3.6)
      valise (>= 0.9.1)
      webmachine (>= 1.1.0)
    rspec (2.14.1)
      rspec-core (~> 2.14.0)
      rspec-expectations (~> 2.14.0)
      rspec-mocks (~> 2.14.0)
    rspec-core (2.14.5)
    rspec-expectations (2.14.2)
      diff-lcs (>= 1.1.3, < 2.0)
    rspec-instafail (0.2.4)
    rspec-mocks (2.14.3)
    ruby-progressbar (0.0.10)
    sass (3.2.10)
    simplecov (0.7.1)
      multi_json (~> 1.0)
      simplecov-html (~> 0.7.1)
    simplecov-html (0.7.1)
    tilt (1.4.1)
    valise (1.0.0)
    webmachine (1.1.0)
      i18n (>= 0.4.0)
      multi_json
    yard (0.8.7)

PLATFORMS
  ruby

DEPENDENCIES
  corundum
  fuubar
  logical-construct!
