PATH
  remote: .
  specs:
    logical-construct (0.1.0)
      json
      mattock (~> 0.5)
      multipart-parser (>= 0.1.1)
      nokogiri (>= 0.13.4)
      rake (~> 10.0)
      roadforest (~> 0.0.2)

PATH
  remote: ../../gems/corundum/
  specs:
    corundum (0.1.1)
      bundler
      compass (>= 0.12.1)
      mailfactory (~> 1.4.0)
      mattock (>= 0.4.0)
      nokogiri
      rake-rubygems (>= 0.2.0)
      rdoc
      rspec (>= 2.0)
      sass (>= 3.1)
      simplecov (>= 0.5.4)
      yard

GEM
  remote: http://rubygems.org/
  specs:
    addressable (2.2.8)
    as-notifications (1.0.1)
    cadre (0.0.3)
      thor (~> 0.18.1)
      tilt (~> 1.0)
      valise (~> 1.0)
    chunky_png (1.2.8)
    compass (0.12.2)
      chunky_png (~> 1.2)
      fssm (>= 0.2.7)
      sass (~> 3.1)
    diff-lcs (1.2.4)
    excon (0.27.1)
    fssm (0.2.10)
    fuubar (1.0.0)
      rspec (~> 2.0)
      rspec-instafail (~> 0.2.0)
      ruby-progressbar (~> 0.0.10)
    i18n (0.6.5)
    json (1.8.0)
    json-ld (1.0.1.1)
      json (>= 1.7.5)
      rdf (>= 1.0)
    mailfactory (1.4.0)
      mime-types (>= 1.13.1)
    mattock (0.5.0)
      tilt (> 0)
      valise (>= 0.9.1)
    mime-types (1.25)
    mini_portile (0.5.1)
    multi_json (1.8.1)
    multipart-parser (0.1.1)
    nokogiri (1.6.0)
      mini_portile (~> 0.5.0)
    rake (10.1.0)
    rake-rubygems (0.2.0)
      rake (>= 0.8.7)
    rdf (1.0.6)
      addressable (>= 2.2)
    rdoc (4.0.1)
      json (~> 1.4)
    roadforest (0.0.2)
      addressable (~> 2.2.8)
      excon (~> 0.25)
      json-ld (~> 1.0.0)
      rdf (= 1.0.6)
      tilt (>= 1.3.6)
      valise (>= 0.9.1)
      webmachine (>= 1.1.0)
    rspec (2.14.1)
      rspec-core (~> 2.14.0)
      rspec-expectations (~> 2.14.0)
      rspec-mocks (~> 2.14.0)
    rspec-core (2.14.5)
    rspec-expectations (2.14.3)
      diff-lcs (>= 1.1.3, < 2.0)
    rspec-instafail (0.2.4)
    rspec-mocks (2.14.3)
    ruby-progressbar (0.0.10)
    sass (3.2.12)
    simplecov (0.7.1)
      multi_json (~> 1.0)
      simplecov-html (~> 0.7.1)
    simplecov-html (0.7.1)
    thor (0.18.1)
    tilt (1.4.1)
    valise (1.0.0)
    webmachine (1.2.1)
      as-notifications (~> 1.0)
      i18n (>= 0.4.0)
      multi_json
    yard (0.8.7.2)

PLATFORMS
  ruby

DEPENDENCIES
  cadre
  corundum!
  fuubar
  logical-construct!
