PATH
  remote: .
  specs:
    logical-construct (0.0.1.localtesting)
      mattock (>= 0.3.1)
      nokogiri (>= 0.13.4)
      rest-client (>= 1.6.7)
      sinatra (>= 1.3.3)

GEM
  remote: http://rubygems.org/
  specs:
    chunky_png (1.2.6)
    compass (0.12.2)
      chunky_png (~> 1.2)
      fssm (>= 0.2.7)
      sass (~> 3.1)
    corundum (0.0.25)
      bundler
      compass (>= 0.12.1)
      mailfactory (~> 1.4.0)
      mattock (>= 0.3.0)
      nokogiri
      rake-rubygems (>= 0.2.0)
      rdoc
      rspec (>= 2.0)
      sass (>= 3.1)
      simplecov (>= 0.5.4)
      yard
    diff-lcs (1.1.3)
    fssm (0.2.9)
    json (1.7.5)
    mailfactory (1.4.0)
      mime-types (>= 1.13.1)
    mattock (0.3.1)
      tilt (> 0)
      valise (>= 0.6)
    mime-types (1.19)
    multi_json (1.3.6)
    nokogiri (1.5.5)
    rack (1.4.1)
    rack-protection (1.2.0)
      rack
    rake (0.9.2.2)
    rake-rubygems (0.2.0)
      rake (>= 0.8.7)
    rdoc (3.12)
      json (~> 1.4)
    rest-client (1.6.7)
      mime-types (>= 1.16)
    rspec (2.11.0)
      rspec-core (~> 2.11.0)
      rspec-expectations (~> 2.11.0)
      rspec-mocks (~> 2.11.0)
    rspec-core (2.11.1)
    rspec-expectations (2.11.3)
      diff-lcs (~> 1.1.3)
    rspec-mocks (2.11.3)
    sass (3.2.1)
    simplecov (0.7.1)
      multi_json (~> 1.0)
      simplecov-html (~> 0.7.1)
    simplecov-html (0.7.1)
    sinatra (1.3.3)
      rack (~> 1.3, >= 1.3.6)
      rack-protection (~> 1.2)
      tilt (~> 1.3, >= 1.3.3)
    tilt (1.3.3)
    valise (0.7)
    yard (0.8.3)

PLATFORMS
  ruby

DEPENDENCIES
  corundum (~> 0.0.1)
  logical-construct!
