PATH
  remote: .
  specs:
    logical-construct (0.0.1)
      mattock (>= 0.3.0)
      sinatra (>= 1.3.3)

GEM
  remote: http://rubygems.org/
  specs:
    corundum (0.0.15)
      bundler (~> 1.1.0)
      mailfactory (~> 1.4.0)
      mattock (>= 0.2.10)
      nokogiri
      rake-rubygems (>= 0.2.0)
      rdoc
      rspec (>= 2.0)
      simplecov (>= 0.5.4)
      yard
    diff-lcs (1.1.3)
    json (1.6.5)
    mailfactory (1.4.0)
      mime-types (>= 1.13.1)
    mattock (0.3.0)
      tilt (> 0)
      valise (>= 0.6)
    mime-types (1.17.2)
    multi_json (1.1.0)
    nokogiri (1.5.2)
    rack (1.4.1)
    rack-protection (1.2.0)
      rack
    rake (0.9.2.2)
    rake-rubygems (0.2.0)
      rake (>= 0.8.7)
    rdoc (3.12)
      json (~> 1.4)
    rspec (2.11.0)
      rspec-core (~> 2.11.0)
      rspec-expectations (~> 2.11.0)
      rspec-mocks (~> 2.11.0)
    rspec-core (2.11.1)
    rspec-expectations (2.11.3)
      diff-lcs (~> 1.1.3)
    rspec-mocks (2.11.3)
    simplecov (0.6.1)
      multi_json (~> 1.0)
      simplecov-html (~> 0.5.3)
    simplecov-html (0.5.3)
    sinatra (1.3.3)
      rack (~> 1.3, >= 1.3.6)
      rack-protection (~> 1.2)
      tilt (~> 1.3, >= 1.3.3)
    tilt (1.3.3)
    valise (0.7)
    yard (0.7.5)

PLATFORMS
  ruby

DEPENDENCIES
  corundum (~> 0.0.1)
  logical-construct!
