PATH
  remote: .
  specs:
    logical-construct (0.0.5)
      json
      mattock (>= 0.3.4)
      multipart-parser (>= 0.1.1)
      nokogiri (>= 0.13.4)
      rest-client (>= 1.6.7)
      sinatra (>= 1.3.3)
      webmachine (>= 1.1.0)

PATH
  remote: ../../gems/mattock
  specs:
    mattock (0.3.4)
      tilt (> 0)
      valise (>= 0.6)

PATH
  remote: ../../gems/valise
  specs:
    valise (0.8.2)

GEM
  remote: http://rubygems.org/
  specs:
    addressable (2.3.3)
    backports (3.0.3)
    blankslate (3.1.2)
    chunky_png (1.2.6)
    compass (0.12.2)
      chunky_png (~> 1.2)
      fssm (>= 0.2.7)
      sass (~> 3.1)
    corundum (0.0.25)
      bundler
      compass (>= 0.12.1)
      mailfactory (~> 1.4.0)
      mattock (>= 0.3.0)
      nokogiri
      rake-rubygems (>= 0.2.0)
      rdoc
      rspec (>= 2.0)
      sass (>= 3.1)
      simplecov (>= 0.5.4)
      yard
    diff-lcs (1.1.3)
    fssm (0.2.9)
    fuubar (1.0.0)
      rspec (~> 2.0)
      rspec-instafail (~> 0.2.0)
      ruby-progressbar (~> 0.0.10)
    haml (4.0.0)
      tilt
    htmlentities (4.3.1)
    i18n (0.6.1)
    json (1.7.7)
    mailfactory (1.4.0)
      mime-types (>= 1.13.1)
    mida (0.3.3)
      blankslate
      nokogiri (>= 1.5)
    mime-types (1.19)
    multi_json (1.3.6)
    multipart-parser (0.1.1)
    nokogiri (1.5.6)
    rack (1.5.1)
    rack-protection (1.3.2)
      rack
    rake (0.9.2.2)
    rake-rubygems (0.2.0)
      rake (>= 0.8.7)
    rdf (1.0.2)
      addressable (>= 2.2)
    rdf-microdata (1.0.0)
      htmlentities (>= 4.3.0)
      json (>= 1.7.6)
      rdf (>= 1.0)
      rdf-xsd (>= 1.0)
    rdf-rdfa (1.0.0)
      backports
      haml (>= 3.1.7)
      htmlentities (>= 4.3.1)
      rdf (>= 1.0)
      rdf-xsd (>= 1.0)
    rdf-turtle (0.1.1)
      rdf (>= 0.3.4)
    rdf-xsd (1.0.0)
      backports
      nokogiri (>= 1.5.0)
      rdf (>= 0.3.4)
    rdoc (3.12)
      json (~> 1.4)
    rest-client (1.6.7)
      mime-types (>= 1.16)
    rspec (2.11.0)
      rspec-core (~> 2.11.0)
      rspec-expectations (~> 2.11.0)
      rspec-mocks (~> 2.11.0)
    rspec-core (2.11.1)
    rspec-expectations (2.11.3)
      diff-lcs (~> 1.1.3)
    rspec-instafail (0.2.4)
    rspec-mocks (2.11.3)
    ruby-progressbar (0.0.10)
    sass (3.2.1)
    simplecov (0.7.1)
      multi_json (~> 1.0)
      simplecov-html (~> 0.7.1)
    simplecov-html (0.7.1)
    sinatra (1.3.4)
      rack (~> 1.4)
      rack-protection (~> 1.3)
      tilt (~> 1.3, >= 1.3.3)
    tilt (1.3.3)
    webmachine (1.1.0)
      i18n (>= 0.4.0)
      multi_json
    webmachine-test (0.2.1)
      webmachine
    yard (0.8.3)

PLATFORMS
  ruby

DEPENDENCIES
  corundum (~> 0.0.1)
  fuubar
  logical-construct!
  mattock!
  mida
  rdf-microdata
  rdf-rdfa
  rdf-turtle
  valise!
  webmachine-test
